GEM
  remote: http://rubygems.org/
  specs:
    async (2.8.1)
      console (~> 1.10)
      fiber-annotation
      io-event (~> 1.1)
      timers (~> 4.1)
    async-io (1.41.0)
      async
    async-websocket (0.8.0)
      async-io
      websocket-driver (~> 0.7.0)
    console (1.23.3)
      fiber-annotation
      fiber-local
    faraday (2.9.0)
      faraday-net_http (>= 2.0, < 3.2)
    faraday-mashify (0.1.1)
      faraday (~> 2.0)
      hashie
    faraday-multipart (1.0.4)
      multipart-post (~> 2)
    faraday-net_http (3.1.0)
      net-http
    fiber-annotation (0.2.0)
    fiber-local (1.0.0)
    gli (2.21.1)
    hashie (5.0.0)
    io-event (1.4.2)
    multipart-post (2.3.0)
    net-http (0.4.1)
      uri
    slack-ruby-client (2.3.0)
      faraday (>= 2.0)
      faraday-mashify
      faraday-multipart
      gli
      hashie
    timers (4.3.5)
    uri (0.13.0)
    websocket-driver (0.7.6)
      websocket-extensions (>= 0.1.0)
    websocket-extensions (0.1.5)

PLATFORMS
  arm64-darwin-23
  ruby

DEPENDENCIES
  async-websocket (~> 0.8.0)
  slack-ruby-client

RUBY VERSION
   ruby 3.3.0p0

BUNDLED WITH
   2.5.5
